GEM
  remote: https://rubygems.org/
  specs:
    descriptive_statistics (2.5.1)
    rubystats (0.2.5)

PLATFORMS
  ruby

DEPENDENCIES
  descriptive_statistics!
  rubystats!

BUNDLED WITH
   1.13.6
